GIT
  remote: https://github.com/Shopify/liquid-c.git
  revision: 0a7afdc5d192666ad855dbc35efc58482806adc6
  branch: master
  specs:
    liquid-c (4.0.0)
      liquid (>= 3.0.0)

GEM
  remote: https://rubygems.org/
  specs:
    actionpack (6.0.6)
      actionview (= 6.0.6)
      activesupport (= 6.0.6)
      rack (~> 2.0, >= 2.0.8)
      rack-test (>= 0.6.3)
      rails-dom-testing (~> 2.0)
      rails-html-sanitizer (~> 1.0, >= 1.2.0)
    actionview (6.0.6)
      activesupport (= 6.0.6)
      builder (~> 3.1)
      erubi (~> 1.4)
      rails-dom-testing (~> 2.0)
      rails-html-sanitizer (~> 1.1, >= 1.2.0)
    activesupport (6.0.6)
      concurrent-ruby (~> 1.0, >= 1.0.2)
      i18n (>= 0.7, < 2)
      minitest (~> 5.1)
      tzinfo (~> 1.1)
      zeitwerk (~> 2.2, >= 2.2.2)
    addressable (2.8.1)
      public_suffix (>= 2.0.2, < 6.0)
    builder (3.2.4)
    colorator (1.1.0)
    concurrent-ruby (1.1.4)
    crass (1.0.6)
    em-websocket (0.5.1)
      eventmachine (>= 0.12.9)
      http_parser.rb (~> 0.6.0)
    erubi (1.11.0)
    eventmachine (1.2.7)
    execjs (2.7.0)
    ffi (1.9.25)
    forwardable-extended (2.6.0)
    htmlbeautifier (1.3.1)
    http_parser.rb (0.6.0)
    httparty (0.15.7)
      multi_xml (>= 0.5.2)
    i18n (0.9.5)
      concurrent-ruby (~> 1.0)
    imgix (1.1.0)
      addressable
    jekyll (3.8.5)
      addressable (~> 2.4)
      colorator (~> 1.0)
      em-websocket (~> 0.5)
      i18n (~> 0.7)
      jekyll-sass-converter (~> 1.0)
      jekyll-watch (~> 2.0)
      kramdown (~> 1.14)
      liquid (~> 4.0)
      mercenary (~> 0.3.3)
      pathutil (~> 0.9)
      rouge (>= 1.7, < 4)
      safe_yaml (~> 1.0)
    jekyll-compose (0.8.0)
      jekyll (~> 3.0)
    jekyll-imgix (1.1.0)
      imgix (~> 1.1.0)
    jekyll-include-cache (0.1.0)
      jekyll (~> 3.3)
    jekyll-sass-converter (1.5.2)
      sass (~> 3.4)
    jekyll-sitemap (1.2.0)
      jekyll (~> 3.3)
    jekyll-typogrify (0.3.5)
      titlecase
      typogruby
    jekyll-watch (2.1.2)
      listen (~> 3.0)
    jekyll-webmention_io (3.3.4)
      htmlbeautifier (~> 1.1)
      jekyll (>= 3.2.0, < 4.0)
      json (~> 2.0)
      openssl (~> 2.0)
      string_inflection (~> 0.1)
      uglifier (~> 4.1)
      webmention (~> 0.1.6)
    json (2.1.0)
    kramdown (1.17.0)
    link_header (0.0.8)
    liquid (4.0.1)
    listen (3.1.5)
      rb-fsevent (~> 0.9, >= 0.9.4)
      rb-inotify (~> 0.9, >= 0.9.7)
      ruby_dep (~> 1.2)
    loofah (2.19.0)
      crass (~> 1.0.2)
      nokogiri (>= 1.5.9)
    mercenary (0.3.6)
    method_source (1.0.0)
    mini_portile2 (2.4.0)
    minitest (5.16.3)
    multi_xml (0.6.0)
    nokogiri (1.10.1)
      mini_portile2 (~> 2.4.0)
    openssl (2.1.2)
    pathutil (0.16.2)
      forwardable-extended (~> 2.6)
    public_suffix (5.0.0)
    rack (2.2.4)
    rack-test (2.0.2)
      rack (>= 1.3)
    rails-dom-testing (2.0.3)
      activesupport (>= 4.2.0)
      nokogiri (>= 1.6)
    rails-html-sanitizer (1.4.3)
      loofah (~> 2.3)
    railties (6.0.6)
      actionpack (= 6.0.6)
      activesupport (= 6.0.6)
      method_source
      rake (>= 0.8.7)
      thor (>= 0.20.3, < 2.0)
    rake (13.0.6)
    rb-fsevent (0.10.3)
    rb-inotify (0.10.0)
      ffi (~> 1.0)
    rouge (3.3.0)
    ruby_dep (1.5.0)
    rubypants (0.7.0)
    safe_yaml (1.0.4)
    sass (3.7.3)
      sass-listen (~> 4.0.0)
    sass-listen (4.0.0)
      rb-fsevent (~> 0.9, >= 0.9.4)
      rb-inotify (~> 0.9, >= 0.9.7)
    sassc (1.12.1)
      ffi (~> 1.9.6)
      sass (>= 3.3.0)
    sassc-rails (1.3.0)
      railties (>= 4.0.0)
      sass
      sassc (~> 1.9)
      sprockets (> 2.11)
      sprockets-rails
      tilt
    sprockets (4.1.1)
      concurrent-ruby (~> 1.0)
      rack (> 1, < 3)
    sprockets-rails (3.4.2)
      actionpack (>= 5.2)
      activesupport (>= 5.2)
      sprockets (>= 3.0.0)
    string_inflection (0.1.2)
    thor (1.2.1)
    thread_safe (0.3.6)
    tilt (2.0.11)
    titlecase (0.1.1)
    typogruby (1.0.18)
      rubypants
    tzinfo (1.2.10)
      thread_safe (~> 0.1)
    uglifier (4.1.20)
      execjs (>= 0.3.0, < 3)
    webmention (0.1.6)
      httparty (~> 0.15.5)
      json
      link_header (~> 0.0.8)
      nokogiri
    zeitwerk (2.6.1)

PLATFORMS
  ruby

DEPENDENCIES
  jekyll
  jekyll-compose (~> 0.8.0)
  jekyll-imgix (~> 1.1)
  jekyll-include-cache (~> 0.1.0)
  jekyll-sitemap
  jekyll-typogrify (~> 0.3.5)
  jekyll-webmention_io (~> 3.3, >= 3.3.4)
  liquid-c!
  nokogiri (~> 1.8, >= 1.8.1)
  sassc-rails (~> 1.3)

RUBY VERSION
   ruby 2.4.3p205

BUNDLED WITH
   1.17.3
