GIT
  remote: https://github.com/Shopify/liquid-c.git
  revision: 0a7afdc5d192666ad855dbc35efc58482806adc6
  branch: master
  specs:
    liquid-c (4.0.0)
      liquid (>= 3.0.0)

GEM
  remote: https://rubygems.org/
  specs:
    addressable (2.6.0)
      public_suffix (>= 2.0.2, < 4.0)
    colorator (1.1.0)
    concurrent-ruby (1.1.4)
    em-websocket (0.5.1)
      eventmachine (>= 0.12.9)
      http_parser.rb (~> 0.6.0)
    eventmachine (1.2.7)
    execjs (2.7.0)
    ffi (1.9.25)
    forwardable-extended (2.6.0)
    htmlbeautifier (1.3.1)
    http_parser.rb (0.6.0)
    httparty (0.15.7)
      multi_xml (>= 0.5.2)
    i18n (0.9.5)
      concurrent-ruby (~> 1.0)
    imgix (1.1.0)
      addressable
    jekyll (3.8.5)
      addressable (~> 2.4)
      colorator (~> 1.0)
      em-websocket (~> 0.5)
      i18n (~> 0.7)
      jekyll-sass-converter (~> 1.0)
      jekyll-watch (~> 2.0)
      kramdown (~> 1.14)
      liquid (~> 4.0)
      mercenary (~> 0.3.3)
      pathutil (~> 0.9)
      rouge (>= 1.7, < 4)
      safe_yaml (~> 1.0)
    jekyll-compose (0.8.0)
      jekyll (~> 3.0)
    jekyll-imgix (1.1.0)
      imgix (~> 1.1.0)
    jekyll-include-cache (0.1.0)
      jekyll (~> 3.3)
    jekyll-sass-converter (1.5.2)
      sass (~> 3.4)
    jekyll-sitemap (1.2.0)
      jekyll (~> 3.3)
    jekyll-typogrify (0.3.5)
      titlecase
      typogruby
    jekyll-watch (2.1.2)
      listen (~> 3.0)
    jekyll-webmention_io (3.3.4)
      htmlbeautifier (~> 1.1)
      jekyll (>= 3.2.0, < 4.0)
      json (~> 2.0)
      openssl (~> 2.0)
      string_inflection (~> 0.1)
      uglifier (~> 4.1)
      webmention (~> 0.1.6)
    json (2.1.0)
    kramdown (1.17.0)
    link_header (0.0.8)
    liquid (4.0.1)
    listen (3.1.5)
      rb-fsevent (~> 0.9, >= 0.9.4)
      rb-inotify (~> 0.9, >= 0.9.7)
      ruby_dep (~> 1.2)
    mercenary (0.3.6)
    mini_portile2 (2.4.0)
    multi_xml (0.6.0)
    nokogiri (1.10.1)
      mini_portile2 (~> 2.4.0)
    openssl (2.1.2)
    pathutil (0.16.2)
      forwardable-extended (~> 2.6)
    public_suffix (3.0.3)
    rake (12.3.2)
    rb-fsevent (0.10.3)
    rb-inotify (0.10.0)
      ffi (~> 1.0)
    rouge (3.3.0)
    ruby_dep (1.5.0)
    rubypants (0.7.0)
    safe_yaml (1.0.4)
    sass (3.7.3)
      sass-listen (~> 4.0.0)
    sass-listen (4.0.0)
      rb-fsevent (~> 0.9, >= 0.9.4)
      rb-inotify (~> 0.9, >= 0.9.7)
    sassc (2.0.0)
      ffi (~> 1.9.6)
      rake
    string_inflection (0.1.2)
    titlecase (0.1.1)
    typogruby (1.0.18)
      rubypants
    uglifier (4.1.20)
      execjs (>= 0.3.0, < 3)
    webmention (0.1.6)
      httparty (~> 0.15.5)
      json
      link_header (~> 0.0.8)
      nokogiri

PLATFORMS
  ruby

DEPENDENCIES
  jekyll
  jekyll-compose (~> 0.8.0)
  jekyll-imgix (~> 1.1)
  jekyll-include-cache (~> 0.1.0)
  jekyll-sitemap
  jekyll-typogrify (~> 0.3.5)
  jekyll-webmention_io (~> 3.3, >= 3.3.4)
  liquid-c!
  nokogiri (~> 1.8, >= 1.8.1)
  sassc

RUBY VERSION
   ruby 2.4.3p205

BUNDLED WITH
   1.17.3
